GEM
  remote: https://rubygems.org/
  specs:
    rails (7.0.4)
      actioncable (= 7.0.4)
      actionmailer (= 7.0.4)
      actionpack (= 7.0.4)
      actionview (= 7.0.4)
      activejob (= 7.0.4)
      activemodel (= 7.0.4)
      activerecord (= 7.0.4)
      activestorage (= 7.0.4)
      activesupport (= 7.0.4)
      railties (= 7.0.4)
    sqlite3 (1.4.2)

PLATFORMS
  ruby

DEPENDENCIES
  rails (~> 7.0)
  sqlite3 (~> 1.4)

BUNDLED WITH
   2.2.19
